GIT
  remote: git://github.com/adamcooper/vestal_versions
  revision: 6273df533f85014062e346cb1807b0531a809ee2
  specs:
    vestal_versions (1.2.2)
      activerecord (>= 3.0.0)
      activesupport (>= 3.0.0)

GIT
  remote: git://github.com/bryanlarsen/hobo-jquery.git
  revision: 3578efd55304328249a7df2a8167bc731dc0e608
  branch: rails3
  specs:
    hobo-jquery (1.3.0pre1)

GIT
  remote: git://github.com/devcurmudgeon/hobo.git
  revision: 4907324b2b683f212af7ad7dd4fac2c86a358a6e
  branch: 1-3-stable
  specs:
    dryml (1.3.0)
      actionpack (~> 3.0.0)
      hobo_support (= 1.3.0)
    hobo (1.3.0)
      dryml (= 1.3.0)
      hobo_fields (= 1.3.0)
      hobo_support (= 1.3.0)
      will_paginate (>= 3.0.0)
    hobo_fields (1.3.0)
      hobo_support (= 1.3.0)
    hobo_support (1.3.0)
      rails (~> 3.0.0)

GEM
  remote: http://rubygems.org/
  specs:
    abstract (1.0.0)
    actionmailer (3.0.18)
      actionpack (= 3.0.18)
      mail (~> 2.2.19)
    actionpack (3.0.18)
      activemodel (= 3.0.18)
      activesupport (= 3.0.18)
      builder (~> 2.1.2)
      erubis (~> 2.6.6)
      i18n (~> 0.5.0)
      rack (~> 1.2.5)
      rack-mount (~> 0.6.14)
      rack-test (~> 0.5.7)
      tzinfo (~> 0.3.23)
    activemodel (3.0.18)
      activesupport (= 3.0.18)
      builder (~> 2.1.2)
      i18n (~> 0.5.0)
    activerecord (3.0.18)
      activemodel (= 3.0.18)
      activesupport (= 3.0.18)
      arel (~> 2.0.10)
      tzinfo (~> 0.3.23)
    activeresource (3.0.18)
      activemodel (= 3.0.18)
      activesupport (= 3.0.18)
    activesupport (3.0.18)
    archive-tar-minitar (0.5.2)
    arel (2.0.10)
    bluecloth (2.2.0)
    builder (2.1.2)
    cocaine (0.1.0)
    columnize (0.3.6)
    erubis (2.6.6)
      abstract (>= 1.0.0)
    i18n (0.5.0)
    json (1.7.6)
    linecache19 (0.5.12)
      ruby_core_source (>= 0.1.4)
    mail (2.2.19)
      activesupport (>= 2.3.6)
      i18n (>= 0.4.0)
      mime-types (~> 1.16)
      treetop (~> 1.4.8)
    mime-types (1.19)
    polyglot (0.3.3)
    rack (1.2.5)
    rack-mount (0.6.14)
      rack (>= 1.0.0)
    rack-test (0.5.7)
      rack (>= 1.0)
    rails (3.0.18)
      actionmailer (= 3.0.18)
      actionpack (= 3.0.18)
      activerecord (= 3.0.18)
      activeresource (= 3.0.18)
      activesupport (= 3.0.18)
      bundler (~> 1.0)
      railties (= 3.0.18)
    railties (3.0.18)
      actionpack (= 3.0.18)
      activesupport (= 3.0.18)
      rake (>= 0.8.7)
      rdoc (~> 3.4)
      thor (~> 0.14.4)
    rake (10.0.3)
    rdoc (3.12)
      json (~> 1.4)
    ruby-debug-base19 (0.11.25)
      columnize (>= 0.3.1)
      linecache19 (>= 0.5.11)
      ruby_core_source (>= 0.1.4)
    ruby-debug19 (0.11.6)
      columnize (>= 0.3.1)
      linecache19 (>= 0.5.11)
      ruby-debug-base19 (>= 0.11.19)
    ruby_core_source (0.1.5)
      archive-tar-minitar (>= 0.5.2)
    sqlite3 (1.3.6)
    thor (0.14.6)
    timeliness (0.3.6)
    treetop (1.4.12)
      polyglot
      polyglot (>= 0.3.1)
    tzinfo (0.3.35)
    validates_timeliness (3.0.12)
      timeliness (~> 0.3.6)
    will_paginate (3.0.3)

PLATFORMS
  ruby

DEPENDENCIES
  bluecloth
  cocaine (~> 0.1.0)
  hobo!
  hobo-jquery!
  rails (~> 3.0.18)
  ruby-debug19
  sqlite3
  validates_timeliness
  vestal_versions!
  will_paginate
