GIT
  remote: git://github.com/devcurmudgeon/hobo
  revision: 30febf98eef8e12d63465e0feadf1de29afdb3b4
  specs:
    dryml (1.4.0.pre6)
      actionpack (~> 3.2.0)
      hobo_support (= 1.4.0.pre6)
    hobo (1.4.0.pre6)
      dryml (= 1.4.0.pre6)
      hobo_fields (= 1.4.0.pre6)
      hobo_support (= 1.4.0.pre6)
      will_paginate (~> 3.0.0)
    hobo_clean (1.4.0.pre6)
      hobo (= 1.4.0.pre6)
    hobo_clean_admin (1.4.0.pre6)
      rails (~> 3.2.0)
    hobo_fields (1.4.0.pre6)
      hobo_support (= 1.4.0.pre6)
    hobo_jquery (1.4.0.pre6)
      hobo (= 1.4.0.pre6)
      jquery-rails (~> 2.0)
    hobo_jquery_ui (1.4.0.pre6)
      hobo (= 1.4.0.pre6)
      hobo_jquery (= 1.4.0.pre6)
      jquery-ui-themes (~> 0.0.4)
    hobo_rapid (1.4.0.pre6)
      hobo (= 1.4.0.pre6)
    hobo_support (1.4.0.pre6)
      rails (~> 3.2.0)

GIT
  remote: git://github.com/devcurmudgeon/hobo_simple_color
  revision: 8a99dca47be6a0ce67d67fdc7b07565e4ba45ec8
  specs:
    hobo_simple_color (0.0.2)
      hobo (~> 1.4.0.pre4)

GIT
  remote: git://github.com/devcurmudgeon/vestal_versions
  revision: fffba6e4a13d48327e56a5ef7142862cfb096cdc
  specs:
    vestal_versions (1.2.2)
      activerecord (>= 3.0.0)
      activesupport (>= 3.0.0)

GEM
  remote: http://rubygems.org/
  specs:
    actionmailer (3.2.5)
      actionpack (= 3.2.5)
      mail (~> 2.4.4)
    actionpack (3.2.5)
      activemodel (= 3.2.5)
      activesupport (= 3.2.5)
      builder (~> 3.0.0)
      erubis (~> 2.7.0)
      journey (~> 1.0.1)
      rack (~> 1.4.0)
      rack-cache (~> 1.2)
      rack-test (~> 0.6.1)
      sprockets (~> 2.1.3)
    activemodel (3.2.5)
      activesupport (= 3.2.5)
      builder (~> 3.0.0)
    activerecord (3.2.5)
      activemodel (= 3.2.5)
      activesupport (= 3.2.5)
      arel (~> 3.0.2)
      tzinfo (~> 0.3.29)
    activeresource (3.2.5)
      activemodel (= 3.2.5)
      activesupport (= 3.2.5)
    activesupport (3.2.5)
      i18n (~> 0.6)
      multi_json (~> 1.0)
    acts_as_list (0.1.6)
    ansi (1.4.2)
    arel (3.0.2)
    bluecloth (2.2.0)
    builder (3.0.0)
    coffee-rails (3.2.2)
      coffee-script (>= 2.2.0)
      railties (~> 3.2.0)
    coffee-script (2.2.0)
      coffee-script-source
      execjs
    coffee-script-source (1.3.3)
    erubis (2.7.0)
    execjs (1.4.0)
      multi_json (~> 1.0)
    hike (1.2.1)
    httparty (0.8.3)
      multi_json (~> 1.0)
      multi_xml
    i18n (0.6.0)
    journey (1.0.3)
    jquery-rails (2.0.2)
      railties (>= 3.2.0, < 5.0)
      thor (~> 0.14)
    jquery-ui-themes (0.0.5)
      httparty
    json (1.7.3)
    mail (2.4.4)
      i18n (>= 0.4.0)
      mime-types (~> 1.16)
      treetop (~> 1.4.8)
    mime-types (1.18)
    multi_json (1.3.6)
    multi_xml (0.5.1)
    pg (0.13.2)
    polyglot (0.3.3)
    rack (1.4.1)
    rack-cache (1.2)
      rack (>= 0.4)
    rack-ssl (1.3.2)
      rack
    rack-test (0.6.1)
      rack (>= 1.0)
    rails (3.2.5)
      actionmailer (= 3.2.5)
      actionpack (= 3.2.5)
      activerecord (= 3.2.5)
      activeresource (= 3.2.5)
      activesupport (= 3.2.5)
      bundler (~> 1.0)
      railties (= 3.2.5)
    rails-dev-tweaks (0.6.1)
      actionpack (~> 3.1)
      railties (~> 3.1)
    railties (3.2.5)
      actionpack (= 3.2.5)
      activesupport (= 3.2.5)
      rack-ssl (~> 1.3.2)
      rake (>= 0.8.7)
      rdoc (~> 3.4)
      thor (>= 0.14.6, < 2.0)
    rake (0.9.2.2)
    rdoc (3.12)
      json (~> 1.4)
    sass (3.1.19)
    sass-rails (3.2.5)
      railties (~> 3.2.0)
      sass (>= 3.1.10)
      tilt (~> 1.3)
    sprockets (2.1.3)
      hike (~> 1.2)
      rack (~> 1.0)
      tilt (~> 1.1, != 1.3.0)
    sqlite3 (1.3.5)
    thor (0.15.2)
    tilt (1.3.3)
    treetop (1.4.10)
      polyglot
      polyglot (>= 0.3.1)
    turn (0.8.2)
      ansi (>= 1.2.2)
    tzinfo (0.3.33)
    uglifier (1.2.4)
      execjs (>= 0.3.0)
      multi_json (>= 1.0.2)
    will_paginate (3.0.3)

PLATFORMS
  ruby

DEPENDENCIES
  acts_as_list
  bluecloth
  coffee-rails (~> 3.2.1)
  hobo!
  hobo_clean!
  hobo_clean_admin!
  hobo_jquery!
  hobo_jquery_ui!
  hobo_rapid!
  hobo_simple_color!
  jquery-rails
  jquery-ui-themes (~> 0.0.4)
  pg
  rails (= 3.2.5)
  rails-dev-tweaks (~> 0.6.1)
  sass-rails (~> 3.2.3)
  sqlite3
  turn (= 0.8.2)
  uglifier (>= 1.0.3)
  vestal_versions!
